GEM
  remote: https://rubygems.org/
  specs:
    POpen4 (0.1.4)
      Platform (>= 0.4.0)
      open4
    Platform (0.4.0)
    asciidoctor (0.1.4)
    awestruct (0.5.4.rc3)
      bootstrap-sass (>= 2.3.1.0)
      compass (>= 0.12.1)
      compass-960-plugin (~> 0.10.4)
      haml (~> 4.0.1)
      listen (~> 1.0)
      mime-types (= 1.25)
      nokogiri (= 1.5.10)
      rack (~> 1.5.2)
      rest-client (>= 1.6.7)
      ruby-s3cmd (~> 0.1.5)
      tilt (>= 1.3.5, < 2.0)
      zurb-foundation (>= 4.0.9, < 5.0)
    bootstrap-sass (2.3.2.2)
      sass (~> 3.2)
    chunky_png (1.3.0)
    coderay (1.0.9)
    coffee-script (2.2.0)
      coffee-script-source
      execjs
    coffee-script-source (1.7.0)
    compass (0.12.3)
      chunky_png (~> 1.2)
      fssm (>= 0.2.7)
      sass (= 3.2.14)
    compass-960-plugin (0.10.4)
      compass (>= 0.10.0)
    domain_name (0.5.20190701)
      unf (>= 0.0.5, < 1.0.0)
    execjs (2.0.2)
    ffi (1.9.3)
    fssm (0.2.10)
    git (1.2.6)
    haml (4.0.5)
      tilt
    htmlcompressor (0.0.7)
      yui-compressor (~> 0.9.6)
    http-accept (1.7.0)
    http-cookie (1.0.5)
      domain_name (~> 0.5)
    json (1.8.1)
    listen (1.3.1)
      rb-fsevent (>= 0.9.3)
      rb-inotify (>= 0.9)
      rb-kqueue (>= 0.2)
    mime-types (1.25)
    netrc (0.11.0)
    nokogiri (1.5.10)
    open4 (1.3.3)
    rack (1.5.2)
    rb-fsevent (0.9.4)
    rb-inotify (0.9.3)
      ffi (>= 0.5.0)
    rb-kqueue (0.2.2)
      ffi (>= 0.5.0)
    rdiscount (2.1.7)
    redcarpet (3.1.1)
    rest-client (2.1.0)
      http-accept (>= 1.7.0, < 2.0)
      http-cookie (>= 1.0.2, < 2.0)
      mime-types (>= 1.16, < 4.0)
      netrc (~> 0.8)
    ruby-s3cmd (0.1.5)
    sass (3.2.14)
    tilt (1.4.1)
    uglifier (2.4.0)
      execjs (>= 0.3.0)
      json (>= 1.8.0)
    unf (0.1.4)
      unf_ext
    unf_ext (0.0.8.2)
    vpim (13.11.11)
    yui-compressor (0.9.6)
      POpen4 (>= 0.1.4)
    zurb-foundation (4.3.2)
      sass (>= 3.2.0)

PLATFORMS
  ruby

DEPENDENCIES
  asciidoctor
  awestruct (= 0.5.4.rc3)
  bootstrap-sass (= 2.3.2.2)
  coderay (~> 1.0.9)
  coffee-script
  git
  htmlcompressor
  listen (= 1.3.1)
  rb-fsevent (~> 0.9)
  rdiscount (~> 2.1.7)
  redcarpet
  uglifier
  vpim
  win32-open3-19
